GEM
  remote: https://rubygems.org/
  specs:
    diff-lcs (1.1.3)
    grit (2.5.0)
      diff-lcs (~> 1.1)
      mime-types (~> 1.15)
      posix-spawn (~> 0.3.6)
    mime-types (1.19)
    minitest (3.3.0)
    posix-spawn (0.3.6)
    rack (2.1.4)
    rake (10.1.0)

PLATFORMS
  ruby

DEPENDENCIES
  grit
  minitest
  rack
  rake
